GEM
  remote: https://rubygems.org/
  remote: https://rails-assets.org/
  specs:
    actionmailer (4.2.0)
      actionpack (= 4.2.0)
      actionview (= 4.2.0)
      activejob (= 4.2.0)
      mail (~> 2.5, >= 2.5.4)
      rails-dom-testing (~> 1.0, >= 1.0.5)
    actionpack (4.2.0)
      actionview (= 4.2.0)
      activesupport (= 4.2.0)
      rack (~> 1.6.0)
      rack-test (~> 0.6.2)
      rails-dom-testing (~> 1.0, >= 1.0.5)
      rails-html-sanitizer (~> 1.0, >= 1.0.1)
    actionview (4.2.0)
      activesupport (= 4.2.0)
      builder (~> 3.1)
      erubis (~> 2.7.0)
      rails-dom-testing (~> 1.0, >= 1.0.5)
      rails-html-sanitizer (~> 1.0, >= 1.0.1)
    activejob (4.2.0)
      activesupport (= 4.2.0)
      globalid (>= 0.3.0)
    activemodel (4.2.0)
      activesupport (= 4.2.0)
      builder (~> 3.1)
    activerecord (4.2.0)
      activemodel (= 4.2.0)
      activesupport (= 4.2.0)
      arel (~> 6.0)
    activesupport (4.2.0)
      i18n (~> 0.7)
      json (~> 1.7, >= 1.7.7)
      minitest (~> 5.1)
      thread_safe (~> 0.3, >= 0.3.4)
      tzinfo (~> 1.1)
    acts_as_xlsx (1.0.6)
      activerecord (>= 2.3.9)
      axlsx (>= 1.0.13)
      i18n (>= 0.4.1)
    annotate (2.6.10)
      activerecord (>= 3.2, <= 4.3)
      rake (~> 10.4)
    arel (6.0.3)
    axlsx (2.0.1)
      htmlentities (~> 4.3.1)
      nokogiri (>= 1.4.1)
      rubyzip (~> 1.0.0)
    axlsx_rails (0.3.0)
      axlsx (>= 2.0.1)
      rails (>= 3.1)
    bcrypt (3.1.10)
    binding_of_caller (0.7.2)
      debug_inspector (>= 0.0.1)
    bootstrap-datepicker-rails (1.1.1.11)
      railties (>= 3.0)
    bootstrap-timepicker-rails (0.1.3)
      railties (>= 3.0)
    breadcrumbs_on_rails (2.3.0)
    builder (3.2.2)
    bullet (4.14.4)
      activesupport (>= 3.0.0)
      uniform_notifier (>= 1.6.0)
    byebug (3.5.1)
      columnize (~> 0.8)
      debugger-linecache (~> 1.2)
      slop (~> 3.6)
    cancancan (1.13.1)
    chronic (0.10.2)
    climate_control (0.0.3)
      activesupport (>= 3.0)
    cocaine (0.5.8)
      climate_control (>= 0.0.3, < 1.0)
    code_analyzer (0.4.5)
      sexp_processor
    coffee-rails (4.1.0)
      coffee-script (>= 2.2.0)
      railties (>= 4.0.0, < 5.0)
    coffee-script (2.4.1)
      coffee-script-source
      execjs
    combined_time_select (1.0.1)
    coffee-script-source (1.10.0)
    colored (1.2)
    columnize (0.9.0)
    debug_inspector (0.0.2)
    debugger-linecache (1.2.0)
    devise (3.4.1)
      bcrypt (~> 3.0)
      orm_adapter (~> 0.1)
      railties (>= 3.2.6, < 5)
      responders
      thread_safe (~> 0.1)
      warden (~> 1.2.3)
    erubis (2.7.0)
    execjs (2.6.0)
    flipclockjs-rails (0.5.5.1)
      jquery-rails (>= 1.0.17)
    fullcalendar-rails (2.0.2.0)
    globalid (0.3.6)
      activesupport (>= 4.1.0)
    htmlentities (4.3.4)
    i18n (0.7.0)
    jbuilder (2.3.2)
      activesupport (>= 3.0.0, < 5)
      multi_json (~> 1.2)
    jquery-rails (4.0.5)
      rails-dom-testing (~> 1.0)
      railties (>= 4.2.0)
      thor (>= 0.14, < 2.0)
    jquery-ui-rails (5.0.5)
      railties (>= 3.2.16)
    json (1.8.3)
    loofah (2.0.3)
      nokogiri (>= 1.5.9)
    mail (2.6.3)
      mime-types (>= 1.16, < 3)
    mini_portile (0.6.2)
    mime-types (2.99)
    mimemagic (0.3.0)
    mini_portile2 (2.0.0)
    minitest (5.8.3)
    momentjs-rails (2.10.6)
      railties (>= 3.1)
    multi_json (1.11.2)
    mysql2 (0.3.20)
    nested_form (0.3.2)
    nokogiri (1.6.7)
      mini_portile2 (~> 2.0.0.rc2)
    orm_adapter (0.5.0)
    paperclip (4.3.2)
      activemodel (>= 3.2.0)
      activesupport (>= 3.2.0)
      cocaine (~> 0.5.5)
      mime-types
      mimemagic (= 0.3.0)
    paranoia (2.1.4)
      activerecord (~> 4.0)
    rack (1.6.4)
    rack-test (0.6.3)
      rack (>= 1.0)
    rails (4.2.0)
      actionmailer (= 4.2.0)
      actionpack (= 4.2.0)
      actionview (= 4.2.0)
      activejob (= 4.2.0)
      activemodel (= 4.2.0)
      activerecord (= 4.2.0)
      activesupport (= 4.2.0)
      bundler (>= 1.3.0, < 2.0)
      railties (= 4.2.0)
      sprockets-rails
    rails-assets-datetimepicker (2.4.5)
      rails-assets-jquery (>= 1.7.2)
    rails-assets-jquery (2.1.4)
    rails-deprecated_sanitizer (1.0.3)
      activesupport (>= 4.2.0.alpha)
    rails-dom-testing (1.0.7)
      activesupport (>= 4.2.0.beta, < 5.0)
      nokogiri (~> 1.6.0)
      rails-deprecated_sanitizer (>= 1.0.1)
    rails-html-sanitizer (1.0.2)
      loofah (~> 2.0)
    rails_best_practices (1.15.6)
      activesupport
      code_analyzer (>= 0.4.3)
      colored
      erubis
      i18n
      json
      require_all
      ruby-progressbar
    railties (4.2.0)
      actionpack (= 4.2.0)
      activesupport (= 4.2.0)
      rake (>= 0.8.7)
      thor (>= 0.18.1, < 2.0)
    rake (10.4.2)
    rdoc (4.2.0)
    require_all (1.3.3)
    responders (2.1.0)
      railties (>= 4.2.0, < 5)
    ruby-progressbar (1.7.5)
    rubyzip (1.0.0)
    sass (3.4.19)
    sass-rails (5.0.4)
      railties (>= 4.0.0, < 5.0)
      sass (~> 3.1)
      sprockets (>= 2.8, < 4.0)
      sprockets-rails (>= 2.0, < 4.0)
      tilt (>= 1.1, < 3)
    schema_plus (1.8.9)
      activerecord (>= 3.2, <= 4.2.0)
      valuable
    sdoc (0.4.1)
      json (~> 1.7, >= 1.7.7)
      rdoc (~> 4.0)
    seedbank (0.3.0)
    sexp_processor (4.6.0)
    slop (3.6.0)
    spring (1.3.6)
    sprockets (3.4.1)
      rack (> 1, < 3)
    sprockets-rails (2.3.3)
      actionpack (>= 3.0)
      activesupport (>= 3.0)
      sprockets (>= 2.8, < 4.0)
    thor (0.19.1)
    thread_safe (0.3.5)
    tilt (2.0.1)
    turbolinks (2.5.3)
      coffee-rails
    tzinfo (1.2.2)
      thread_safe (~> 0.1)
    uglifier (2.7.2)
      execjs (>= 0.3.0)
      json (>= 1.8.0)
    uniform_notifier (1.9.0)
    valuable (0.9.9)
    warden (1.2.3)
      rack (>= 1.0)
    web-console (2.2.1)
      activemodel (>= 4.0)
      binding_of_caller (>= 0.7.2)
      railties (>= 4.0)
      sprockets-rails (>= 2.0, < 4.0)
    whenever (0.9.4)
      chronic (>= 0.6.3)
    will_paginate (3.0.7)

PLATFORMS
  ruby

DEPENDENCIES
  acts_as_xlsx (~> 1.0.6)
  annotate (~> 2.6.6)
  axlsx_rails (~> 0.3.0)
  binding_of_caller (= 0.7.2)
  bootstrap-datepicker-rails (~> 1.1.1.1)
  bootstrap-timepicker-rails
  breadcrumbs_on_rails (= 2.3.0)
  bullet (= 4.14.4)
  byebug (~> 3.5.1)
  cancancan (~> 1.10)
  coffee-rails (~> 4.1.0)
  combined_time_select (~> 1.0.1)
  devise (~> 3.4.1)
  flipclockjs-rails (~> 0.5.5b.1)
  fullcalendar-rails (= 2.0.2.0)
  jbuilder (~> 2.0)
  jquery-rails (~> 4.0.3)
  jquery-ui-rails (~> 5.0, >= 5.0.5)
  momentjs-rails (= 2.10.6)
  mysql2 (~> 0.3.14)
  nested_form (= 0.3.2)
  paperclip (~> 4.2)
  paranoia (~> 2.0)
  rails (= 4.2.0)
  rails-assets-datetimepicker!
  rails_best_practices (= 1.15.6)
  sass-rails (~> 5.0)
  schema_plus (~> 1.8.6)
  sdoc (~> 0.4.0)
  seedbank (~> 0.3.0)
  spring (~> 1.3.3)
  turbolinks (~> 2.5.3)
  uglifier (>= 1.3.0)
  web-console (~> 2.0)
  whenever (~> 0.9.4)
  will_paginate (~> 3.0.6)

BUNDLED WITH
   1.10.6
